GEM
  remote: https://rubygems.org/
  specs:
    json (1.8.1)
    rake (0.9.6)
    rake-pipeline (0.7.0)
      json
      rake (~> 0.9.0)
      thor
    thor (0.18.1)

PLATFORMS
  ruby

DEPENDENCIES
  rake-pipeline
